GEM
  remote: https://rubygems.org/
  specs:
    terminal-notifier (2.0.0)

PLATFORMS
  arm64-darwin-23
  ruby

DEPENDENCIES
  terminal-notifier

BUNDLED WITH
   2.5.10
